GEM
  remote: https://rubygems.org/
  specs:
    diff-lcs (1.3)
    nokogiri (1.11.4-x64-mingw32)
      racc (~> 1.4)
    nokogiri (1.11.4-x86_64-linux)
      racc (~> 1.4)
    racc (1.5.2)
    rack (2.0.9)
    rspec (3.9.0)
      rspec-core (~> 3.9.0)
      rspec-expectations (~> 3.9.0)
      rspec-mocks (~> 3.9.0)
    rspec-core (3.9.1)
      rspec-support (~> 3.9.1)
    rspec-expectations (3.9.1)
      diff-lcs (>= 1.2.0, < 2.0)
      rspec-support (~> 3.9.0)
    rspec-mocks (3.9.1)
      diff-lcs (>= 1.2.0, < 2.0)
      rspec-support (~> 3.9.0)
    rspec-support (3.9.2)

PLATFORMS
  x64-mingw32
  x86_64-linux

DEPENDENCIES
  nokogiri
  rack (~> 2.0.1)
  rspec

BUNDLED WITH
   2.1.4
